GEM
  remote: https://rubygems.org/
  specs:
    bson (1.12.5)
    mongo (1.12.5)
      bson (= 1.12.5)
    mongodb (2.1.0)
      mongo (~> 1.5)

PLATFORMS
  ruby

DEPENDENCIES
  mongodb

BUNDLED WITH
   2.1.2
