GEM
  remote: https://rubygems.org/
  specs:
    bson (4.11.1)
    mongo (2.14.0)
      bson (>= 4.8.2, < 5.0.0)

PLATFORMS
  ruby

DEPENDENCIES
  mongo (~> 2.14)

BUNDLED WITH
   2.1.2
